GEM
  remote: https://rubygems.org/
  specs:
    RedCloth (4.2.9)
    builder (3.2.2)
    diff-lcs (1.2.5)
    rake (10.1.1)
    rsolr (1.0.9)
      builder (>= 2.1.2)
    rspec (2.14.1)
      rspec-core (~> 2.14.0)
      rspec-expectations (~> 2.14.0)
      rspec-mocks (~> 2.14.0)
    rspec-core (2.14.7)
    rspec-expectations (2.14.4)
      diff-lcs (>= 1.1.3, < 2.0)
    rspec-mocks (2.14.4)
    rspec-solr (1.0.0)
      rspec

PLATFORMS
  ruby

DEPENDENCIES
  RedCloth
  rake
  rsolr
  rspec-solr
